GEM
  remote: http://rubygems.org/
  specs:
    addressable (2.2.8)
    capybara (1.1.2)
      mime-types (>= 1.16)
      nokogiri (>= 1.3.3)
      rack (>= 1.0.0)
      rack-test (>= 0.5.4)
      selenium-webdriver (~> 2.0)
      xpath (~> 0.1.4)
    capybara-webkit (0.11.0)
      capybara (>= 1.0.0, < 1.2)
      json
    childprocess (0.3.2)
      ffi (~> 1.0.6)
    ffi (1.0.11)
    git (1.2.5)
    headless (0.3.1)
    jeweler (1.8.3)
      bundler (~> 1.0)
      git (>= 1.2.5)
      rake
      rdoc
    json (1.7.0)
    libwebsocket (0.1.3)
      addressable
    mime-types (1.18)
    multi_json (1.3.4)
    nokogiri (1.5.2)
    rack (1.4.1)
    rack-test (0.6.1)
      rack (>= 1.0)
    rake (0.9.2.2)
    rdoc (3.12)
      json (~> 1.4)
    rubyzip (0.9.8)
    selenium-webdriver (2.21.2)
      childprocess (>= 0.2.5)
      ffi (~> 1.0)
      libwebsocket (~> 0.1.3)
      multi_json (~> 1.0)
      rubyzip
    shoulda (3.0.1)
      shoulda-context (~> 1.0.0)
      shoulda-matchers (~> 1.0.0)
    shoulda-context (1.0.0)
    shoulda-matchers (1.0.0)
    simplecov (0.6.2)
      multi_json (~> 1.3)
      simplecov-html (~> 0.5.3)
    simplecov-html (0.5.3)
    xpath (0.1.4)
      nokogiri (~> 1.3)

PLATFORMS
  ruby

DEPENDENCIES
  bundler
  capybara
  capybara-webkit
  headless
  jeweler (~> 1.8.3)
  json
  rdoc (~> 3.12)
  shoulda
  simplecov
